GEM
  remote: https://rubygems.org/
  specs:
    tomlrb (1.2.7)

PLATFORMS
  ruby

DEPENDENCIES
  tomlrb

BUNDLED WITH
   1.16.1
